GEM
  remote: https://rubygems.org/
  specs:
    connection_pool (2.2.5)
    foreman (0.84.0)
      thor (~> 0.19.1)
    rack (2.2.3)
    redis (4.5.1)
    sidekiq (6.4.0)
      connection_pool (>= 2.2.2)
      rack (~> 2.0)
      redis (>= 4.2.0)
    thor (0.19.4)

PLATFORMS
  ruby

DEPENDENCIES
  foreman
  sidekiq

BUNDLED WITH
   1.16.4
