GEM
  remote: https://rubygems.org/
  specs:
    connection_pool (2.2.5)
    foreman (0.84.0)
      thor (~> 0.19.1)
    rack (2.2.3)
    rack-protection (2.1.0)
      rack
    redis (4.4.0)
    sidekiq (5.2.0)
      connection_pool (~> 2.2, >= 2.2.2)
      rack-protection (>= 1.5.0)
      redis (>= 3.3.5, < 5)
    thor (0.19.4)

PLATFORMS
  ruby

DEPENDENCIES
  foreman
  sidekiq

BUNDLED WITH
   1.16.4
